PATH
  remote: .
  specs:
    open-companies-house (0.1.1)

GEM
  remote: http://rubygems.org/
  specs:
    addressable (2.3.2)
    crack (0.3.1)
    diff-lcs (1.1.3)
    faraday (0.8.4)
      multipart-post (~> 1.1)
    growl (1.0.3)
    guard (0.8.8)
      thor (~> 0.14.6)
    guard-rspec (0.5.11)
      guard (>= 0.8.4)
    json (1.7.5)
    metaclass (0.0.1)
    mocha (0.10.5)
      metaclass (~> 0.0.1)
    multipart-post (1.1.5)
    rb-fsevent (0.9.2)
    rspec (2.9.0)
      rspec-core (~> 2.9.0)
      rspec-expectations (~> 2.9.0)
      rspec-mocks (~> 2.9.0)
    rspec-core (2.9.0)
    rspec-expectations (2.9.1)
      diff-lcs (~> 1.1.3)
    rspec-mocks (2.9.0)
    thor (0.14.6)
    webmock (1.8.11)
      addressable (>= 2.2.7)
      crack (>= 0.1.7)

PLATFORMS
  ruby

DEPENDENCIES
  faraday (~> 0.8.4)
  growl (~> 1.0.3)
  guard (~> 0.8.8)
  guard-rspec (~> 0.5.4)
  json
  mocha (~> 0.10.5)
  open-companies-house!
  rb-fsevent (~> 0.9)
  rspec (~> 2.9.0)
  webmock (~> 1.8.8)
